GEM
  remote: https://rubygems.org/
  specs:
    hoe (3.6.2)
      rake (>= 0.8, < 11.0)
    json (1.8.0)
    mash (0.1.1)
    mime-types (1.23)
    multi_json (1.3.7)
    oauth (0.4.7)
    rack (1.5.2)
    rack-protection (1.5.0)
      rack
    rake (10.0.4)
    ruby-github (0.0.3)
      hoe (>= 1.5.1)
      json
      mash (>= 0.0.3)
    sinatra (1.4.3)
      rack (~> 1.4)
      rack-protection (~> 1.4)
      tilt (~> 1.3, >= 1.3.4)
    sinatra-jsonp (0.4.2)
      multi_json (~> 1.3.7)
      sinatra (~> 1.0)
    tilt (1.4.1)
    twitter_oauth (0.4.91)
      json (>= 1.8.0)
      mime-types (>= 1.16)
      oauth (>= 0.4.7)

PLATFORMS
  ruby

DEPENDENCIES
  ruby-github
  sinatra
  sinatra-jsonp
  twitter_oauth
