GEM
  remote: https://rubygems.org/
  specs:
    json (1.8.0)
    mime-types (1.23)
    multi_json (1.3.7)
    oauth (0.4.7)
    rack (1.5.2)
    rack-protection (1.5.0)
      rack
    sinatra (1.4.3)
      rack (~> 1.4)
      rack-protection (~> 1.4)
      tilt (~> 1.3, >= 1.3.4)
    sinatra-jsonp (0.4.2)
      multi_json (~> 1.3.7)
      sinatra (~> 1.0)
    tilt (1.4.1)
    twitter_oauth (0.4.91)
      json (>= 1.8.0)
      mime-types (>= 1.16)
      oauth (>= 0.4.7)

PLATFORMS
  ruby

DEPENDENCIES
  sinatra
  sinatra-jsonp
  twitter_oauth
